GEM
  remote: https://rubygems.org/
  specs:
    addressable (2.5.2)
      public_suffix (>= 2.0.2, < 4.0)
    domain_name (0.5.20180417)
      unf (>= 0.0.5, < 1.0.0)
    down (4.4.0)
    erubi (1.7.1)
    http (3.3.0)
      addressable (~> 2.3)
      http-cookie (~> 1.0)
      http-form_data (~> 2.0)
      http_parser.rb (~> 0.6.0)
    http-cookie (1.0.3)
      domain_name (~> 0.5)
    http-form_data (2.1.0)
    http_parser.rb (0.6.0)
    pg (0.19.0)
    public_suffix (3.0.0)
    puma (3.6.0)
    rack (2.0.5)
    roda (3.7.0)
      rack
    sequel (5.7.1)
    shrine (2.11.0)
      down (~> 4.1)
    shrine-tus (1.2.0)
      shrine (~> 2.0)
      shrine-url (~> 2.0)
      tus-server (~> 2.0)
    shrine-url (2.1.0)
      down (~> 4.4)
      http (~> 3.2)
      shrine (>= 2.0)
    tilt (2.0.8)
    tus-server (2.1.0)
      roda (>= 2.27, < 4)
    unf (0.1.4)
      unf_ext
    unf_ext (0.0.7.5)

PLATFORMS
  ruby

DEPENDENCIES
  erubi
  pg
  puma
  roda (~> 3.0)
  sequel
  shrine (~> 2.0)
  shrine-tus (~> 1.2)
  tilt (>= 2.0.8)
  tus-server (~> 2.1)

BUNDLED WITH
   1.16.1
