GEM
  remote: https://rubygems.org/
  specs:
    addressable (2.5.2)
      public_suffix (>= 2.0.2, < 4.0)
    async (1.15.1)
      nio4r (~> 2.3)
      timers (~> 4.1)
    async-container (0.9.0)
      async (~> 1.0)
      async-io (~> 1.4)
    async-http (0.37.12)
      async (~> 1.14)
      async-io (~> 1.18)
      http-protocol (~> 0.12)
    async-io (1.18.2)
      async (~> 1.14)
    domain_name (0.5.20180417)
      unf (>= 0.0.5, < 1.0.0)
    down (4.4.0)
    erubi (1.7.1)
    falcon (0.21.0)
      async (~> 1.13)
      async-container (~> 0.9.0)
      async-http (~> 0.37.2)
      async-io (~> 1.18)
      http-protocol (~> 0.12.0)
      localhost (~> 1.1)
      rack (>= 1.0)
      samovar (~> 1.3)
    forme (1.8.0)
    http (3.3.0)
      addressable (~> 2.3)
      http-cookie (~> 1.0)
      http-form_data (~> 2.0)
      http_parser.rb (~> 0.6.0)
    http-cookie (1.0.3)
      domain_name (~> 0.5)
    http-form_data (2.1.0)
    http-hpack (0.1.1)
    http-protocol (0.12.1)
      http-hpack (~> 0.1.0)
    http_parser.rb (0.6.0)
    localhost (1.1.4)
    mapping (1.1.1)
    nio4r (2.3.1)
    pg (0.19.0)
    public_suffix (3.0.0)
    rack (2.0.6)
    rainbow (3.0.0)
    roda (3.13.0)
      rack
    samovar (1.9.1)
      mapping (~> 1.0)
      rainbow (>= 2.0, < 4.0)
    sequel (5.7.1)
    shrine (2.11.0)
      down (~> 4.1)
    shrine-tus (1.2.0)
      shrine (~> 2.0)
      shrine-url (~> 2.0)
      tus-server (~> 2.0)
    shrine-url (2.1.0)
      down (~> 4.4)
      http (~> 3.2)
      shrine (>= 2.0)
    tilt (2.0.8)
    timers (4.3.0)
    tus-server (2.1.2)
      roda (>= 2.27, < 4)
    unf (0.1.4)
      unf_ext
    unf_ext (0.0.7.5)

PLATFORMS
  ruby

DEPENDENCIES
  erubi
  falcon (>= 0.18.14, < 1)
  forme (~> 1.8)
  pg
  roda (~> 3.0)
  sequel
  shrine (~> 2.0)
  shrine-tus (~> 1.2)
  tilt (>= 2.0.8)
  tus-server (>= 2.1.2, < 3)

BUNDLED WITH
   1.17.2
