GEM
  remote: https://rubygems.org/
  specs:
    addressable (2.5.1)
      public_suffix (~> 2.0, >= 2.0.2)
    async-rack (0.5.1)
      rack (~> 1.1)
    down (4.0.1)
    einhorn (0.7.4)
    em-synchrony (1.0.6)
      eventmachine (>= 1.0.0.beta.1)
    em-websocket (0.3.8)
      addressable (>= 2.1.1)
      eventmachine (>= 0.12.9)
    eventmachine (1.2.3)
    goliath (1.0.5)
      async-rack
      einhorn
      em-synchrony (>= 1.0.0)
      em-websocket (= 0.3.8)
      eventmachine (>= 1.0.0.beta.4)
      http_parser.rb (>= 0.6.0)
      log4r
      multi_json
      rack (>= 1.2.2)
      rack-contrib
      rack-respond_to
    goliath-rack_proxy (0.1.3)
      goliath (>= 1.0.5, < 2)
    http_parser.rb (0.6.0)
    log4r (1.1.10)
    multi_json (1.12.1)
    pg (0.19.0)
    public_suffix (2.0.5)
    puma (3.6.0)
    rack (1.6.8)
    rack-accept-media-types (0.9)
    rack-contrib (1.5.0)
      rack (~> 1.4)
    rack-respond_to (0.9.8)
      rack-accept-media-types (>= 0.6)
    roda (2.25.0)
      rack
    sequel (4.37.0)
    shrine (2.6.1)
      down (>= 2.3.6)
    shrine-tus (1.0.0)
      shrine (~> 2.0)
      shrine-url (~> 1.0)
      tus-server (~> 1.0)
    shrine-url (1.0.0)
      down (~> 4.0)
      shrine (>= 2.0)
    tilt (2.0.5)
    tus-server (1.1.1)
      roda (~> 2.19)

PLATFORMS
  ruby

DEPENDENCIES
  goliath-rack_proxy (>= 0.1.3)
  pg
  puma
  roda (~> 2.15)
  sequel
  shrine
  shrine-tus (~> 1.0)
  tilt
  tus-server (~> 1.0)

BUNDLED WITH
   1.15.1
