GEM
  remote: https://rubygems.org/
  specs:
    aws-sdk (2.4.4)
      aws-sdk-resources (= 2.4.4)
    aws-sdk-core (2.4.4)
      jmespath (~> 1.0)
    aws-sdk-resources (2.4.4)
      aws-sdk-core (= 2.4.4)
    coderay (1.1.1)
    concurrent-ruby (1.0.2)
    dotenv (2.1.1)
    down (2.3.7)
    jmespath (1.3.1)
    method_source (0.8.2)
    pg (0.19.0)
    pry (0.10.4)
      coderay (~> 1.1.0)
      method_source (~> 0.8.1)
      slop (~> 3.4)
    puma (3.6.0)
    rack (2.0.1)
    roda (2.17.0)
      rack
    sequel (4.37.0)
    shrine (2.4.1)
      down (>= 2.3.6)
    shrine-url (0.1.1)
      down (>= 2.3.7)
      shrine (>= 2.0)
    slop (3.6.0)
    sucker_punch (2.0.1)
      concurrent-ruby (~> 1.0.0)
    tilt (2.0.5)
    tus-server (0.1.0)
      rack (~> 2.0)
      roda (~> 2.17)

PLATFORMS
  ruby

DEPENDENCIES
  aws-sdk (~> 2.1)
  dotenv
  pg
  pry
  puma
  roda (~> 2.15)
  sequel
  shrine
  shrine-url (>= 0.1.1)
  sucker_punch
  tilt
  tus-server

BUNDLED WITH
   1.13.2
