GEM
  remote: https://rubygems.org/
  specs:
    aws-sdk (2.9.24)
      aws-sdk-resources (= 2.9.24)
    aws-sdk-core (2.9.24)
      aws-sigv4 (~> 1.0)
      jmespath (~> 1.0)
    aws-sdk-resources (2.9.24)
      aws-sdk-core (= 2.9.24)
    aws-sigv4 (1.0.0)
    coderay (1.1.1)
    concurrent-ruby (1.0.2)
    dotenv (2.1.1)
    down (3.0.0)
    jmespath (1.3.1)
    method_source (0.8.2)
    pg (0.19.0)
    pry (0.10.4)
      coderay (~> 1.1.0)
      method_source (~> 0.8.1)
      slop (~> 3.4)
    puma (3.6.0)
    rack (2.0.1)
    roda (2.25.0)
      rack
    ruby-prof (0.16.2)
    sequel (4.37.0)
    shrine (2.6.1)
      down (>= 2.3.6)
    shrine-tus (0.1.0)
    shrine-url (0.3.1)
      down (>= 2.3.7)
      shrine (>= 2.0)
    slop (3.6.0)
    sucker_punch (2.0.1)
      concurrent-ruby (~> 1.0.0)
    tilt (2.0.5)
    tus-server (0.10.2)
      roda (~> 2.19)

PLATFORMS
  ruby

DEPENDENCIES
  aws-sdk (~> 2.9)
  dotenv
  pg
  pry
  puma
  roda (~> 2.15)
  ruby-prof
  sequel
  shrine
  shrine-tus (~> 0.1)
  shrine-url (~> 0.3)
  sucker_punch
  tilt
  tus-server (>= 0.10.2, < 1)

BUNDLED WITH
   1.14.6
