GEM
  remote: https://rubygems.org/
  specs:
    addressable (2.5.2)
      public_suffix (>= 2.0.2, < 4.0)
    async-rack (0.5.1)
      rack (~> 1.1)
    down (4.2.0)
    einhorn (0.7.4)
    em-synchrony (1.0.6)
      eventmachine (>= 1.0.0.beta.1)
    em-websocket (0.3.8)
      addressable (>= 2.1.1)
      eventmachine (>= 0.12.9)
    eventmachine (1.2.5)
    goliath (1.0.6)
      async-rack
      einhorn
      em-synchrony (>= 1.0.0)
      em-websocket (= 0.3.8)
      eventmachine (>= 1.0.0.beta.4)
      http_parser.rb (>= 0.6.0)
      log4r
      multi_json
      rack (>= 1.2.2)
      rack-contrib
      rack-respond_to
    goliath-rack_proxy (1.0.0)
      goliath (>= 1.0.6, < 2)
    http_parser.rb (0.6.0)
    log4r (1.1.10)
    multi_json (1.12.2)
    pg (0.19.0)
    public_suffix (3.0.0)
    puma (3.6.0)
    rack (1.6.8)
    rack-accept-media-types (0.9)
    rack-contrib (1.7.0)
      rack (~> 1.4)
    rack-respond_to (0.9.8)
      rack-accept-media-types (>= 0.6)
    roda (3.3.0)
      rack
    sequel (4.37.0)
    shrine (2.8.0)
      down (~> 4.1)
    shrine-tus (1.1.0)
      shrine (~> 2.0)
      shrine-url (~> 1.0)
      tus-server (~> 2.0)
    shrine-url (1.0.2)
      down (~> 4.0)
      shrine (>= 2.0)
    tilt (2.0.5)
    tus-server (2.0.2)
      roda (>= 2.27, < 4)

PLATFORMS
  ruby

DEPENDENCIES
  goliath-rack_proxy (~> 1.0)
  pg
  puma
  roda (~> 3.0)
  sequel
  shrine (~> 2.0)
  shrine-tus (~> 1.1)
  tilt
  tus-server (>= 2.0.2, < 3)

BUNDLED WITH
   1.16.0
